GEM
  remote: https://rubygems.org/
  specs:
    diff-lcs (1.2.4)
    facets (2.9.3)
    httpclient (2.3.3)
    madeleine (0.8.0)
    mailfactory (1.4.0)
      mime-types (>= 1.13.1)
    mime-types (1.23)
    rspec (2.13.0)
      rspec-core (~> 2.13.0)
      rspec-expectations (~> 2.13.0)
      rspec-mocks (~> 2.13.0)
    rspec-core (2.13.1)
    rspec-expectations (2.13.0)
      diff-lcs (>= 1.1.3, < 2.0)
    rspec-mocks (2.13.1)
    runt (0.9.0)
    soap4r (1.5.8)
      httpclient (>= 2.1.1)

PLATFORMS
  ruby

DEPENDENCIES
  facets
  madeleine
  mailfactory
  rspec
  runt
  soap4r
